GIT
  remote: git://github.com/Albacore/albacore.git
  revision: 811e5d1ab56a564d69bdfec75d23310710359fd2
  branch: clean_slate
  specs:
    albacore (0.6.2)
      ProcessPilot (~> 2.0)
      facter (~> 1.7)
      highline (~> 1.6)
      map (~> 6.5)
      nokogiri (~> 1.5)
      rake (> 10)
      semver2 (~> 3.3)

GEM
  remote: http://rubygems.org/
  specs:
    ProcessPilot (2.0.0.20120301)
      rUtilAnts (>= 1.0)
    builder (3.2.2)
    childprocess (0.3.9)
      ffi (~> 1.0, >= 1.0.11)
    cucumber (1.3.4)
      builder (>= 2.1.2)
      diff-lcs (>= 1.1.3)
      gherkin (~> 2.12.0)
      multi_json (~> 1.7.5)
      multi_test (~> 0.0.1)
    data_magic (0.16.1)
      faker (>= 1.1.2)
      yml_reader (>= 0.2)
    diff-lcs (1.2.4)
    facter (1.7.2)
    faker (1.2.0)
      i18n (~> 0.5)
    ffi (1.9.0)
    ffi (1.9.0-x86-mingw32)
    gherkin (2.12.0)
      multi_json (~> 1.3)
    gherkin (2.12.0-x86-mingw32)
      multi_json (~> 1.3)
    highline (1.6.19)
    i18n (0.6.5)
    map (6.5.1)
    mini_portile (0.5.1)
    mohawk (0.1.0)
      childprocess (~> 0.3.9)
      page_navigation (>= 0.7)
      rautomation (~> 0.13)
      require_all
    multi_json (1.7.7)
    multi_test (0.0.1)
    nokogiri (1.6.0)
      mini_portile (~> 0.5.0)
    nokogiri (1.6.0-x86-mingw32)
      mini_portile (~> 0.5.0)
    page_navigation (0.9)
      data_magic (>= 0.14)
    rUtilAnts (1.0.1.20130320)
    rake (10.3.1)
    rautomation (0.13.0)
      ffi
    require_all (1.3.1)
    rspec (2.14.1)
      rspec-core (~> 2.14.0)
      rspec-expectations (~> 2.14.0)
      rspec-mocks (~> 2.14.0)
    rspec-core (2.14.3)
    rspec-expectations (2.14.0)
      diff-lcs (>= 1.1.3, < 2.0)
    rspec-mocks (2.14.1)
    semver2 (3.3.2)
    uia (0.0.5.1)
      ffi
    yml_reader (0.2)

PLATFORMS
  x86-mingw32

DEPENDENCIES
  albacore!
  childprocess
  cucumber
  mohawk (~> 0.1.0)
  rake
  rspec
  uia (> 0.0.5)
