GIT
  remote: git://github.com/Albacore/albacore.git
  revision: 811e5d1ab56a564d69bdfec75d23310710359fd2
  branch: clean_slate
  specs:
    albacore (0.6.2)
      ProcessPilot (~> 2.0)
      facter (~> 1.7)
      highline (~> 1.6)
      map (~> 6.5)
      nokogiri (~> 1.5)
      rake (> 10)
      semver2 (~> 3.3)

GEM
  remote: http://rubygems.org/
  specs:
    ProcessPilot (2.0.0.20120301)
      rUtilAnts (>= 1.0)
    childprocess (0.3.9)
      ffi (~> 1.0, >= 1.0.11)
    data_magic (0.18)
      faker (>= 1.1.2)
      yml_reader (>= 0.2)
    diff-lcs (1.2.4)
    facter (1.7.2)
    faker (1.3.0)
      i18n (~> 0.5)
    ffi (1.9.0-x86-mingw32)
    given_core (3.5.4)
      sorcerer (>= 0.3.7)
    highline (1.6.19)
    i18n (0.6.9)
    map (6.5.1)
    mini_portile (0.5.1)
    mohawk (0.2)
      childprocess (~> 0.3.9)
      page_navigation (>= 0.7)
      require_all
      uia (>= 0.3.1)
    nokogiri (1.6.0-x86-mingw32)
      mini_portile (~> 0.5.0)
    page_navigation (0.9)
      data_magic (>= 0.14)
    rUtilAnts (1.0.1.20130320)
    rake (10.3.1)
    require_all (1.3.2)
    rspec (2.14.1)
      rspec-core (~> 2.14.0)
      rspec-expectations (~> 2.14.0)
      rspec-mocks (~> 2.14.0)
    rspec-core (2.14.8)
    rspec-expectations (2.14.5)
      diff-lcs (>= 1.1.3, < 2.0)
    rspec-given (3.5.4)
      given_core (= 3.5.4)
      rspec (>= 2.12)
    rspec-mocks (2.14.6)
    semver2 (3.3.2)
    sorcerer (1.0.2)
    uia (0.3.1)
      ffi (= 1.9.0)
      require_all
    yml_reader (0.2)

PLATFORMS
  x86-mingw32

DEPENDENCIES
  albacore!
  childprocess
  mohawk (~> 0.2)
  rake
  rspec-given

BUNDLED WITH
   1.10.5
