GEM
  remote: http://rubygems.org/
  specs:
    childprocess (0.9.0)
      ffi (~> 1.0, >= 1.0.11)
    concurrent-ruby (1.2.2)
    data_magic (1.3)
      faker (>= 1.1.2)
      yml_reader (>= 0.6)
    diff-lcs (1.5.0)
    faker (3.2.2)
      i18n (>= 1.8.11, < 2)
    ffi (1.16.3-x86-mingw32)
    given_core (3.8.2)
      sorcerer (>= 0.3.7)
    i18n (1.14.1)
      concurrent-ruby (~> 1.0)
    mohawk (1.0)
      childprocess (~> 0.5)
      page_navigation (>= 0.7)
      require_all (~> 3.0)
      uia (~> 1.0)
    nokogiri (1.15.4-x86-mingw32)
      racc (~> 1.4)
    page_navigation (0.10)
      data_magic (>= 0.22)
    racc (1.7.3)
    rake (13.1.0)
    require_all (3.0.0)
    rspec (3.12.0)
      rspec-core (~> 3.12.0)
      rspec-expectations (~> 3.12.0)
      rspec-mocks (~> 3.12.0)
    rspec-core (3.12.2)
      rspec-support (~> 3.12.0)
    rspec-expectations (3.12.3)
      diff-lcs (>= 1.2.0, < 2.0)
      rspec-support (~> 3.12.0)
    rspec-given (3.8.2)
      given_core (= 3.8.2)
      rspec (>= 2.14.0)
    rspec-mocks (3.12.6)
      diff-lcs (>= 1.2.0, < 2.0)
      rspec-support (~> 3.12.0)
    rspec-support (3.12.1)
    sorcerer (2.0.1)
    uia (1.0)
      ffi (~> 1.14)
      require_all (~> 3.0)
    yml_reader (0.7)

PLATFORMS
  x86-mingw32

DEPENDENCIES
  childprocess
  mohawk (~> 1.0)
  nokogiri (~> 1.15)
  rake
  rspec-given

BUNDLED WITH
   2.2.32
