GIT
  remote: https://github.com/Albacore/albacore.git
  revision: af29f9ba4e0c858cd113757f414f212c099171e3
  specs:
    albacore (3.0.1)
      map (~> 6.5)
      nokogiri (~> 1.5)
      rake (~> 12)
      semver2 (~> 3.4)

GEM
  remote: http://rubygems.org/
  specs:
    childprocess (0.9.0)
      ffi (~> 1.0, >= 1.0.11)
    concurrent-ruby (1.1.7)
    data_magic (1.2)
      faker (>= 1.1.2)
      yml_reader (>= 0.6)
    diff-lcs (1.4.4)
    faker (2.12.0)
      i18n (>= 1.6, < 2)
    ffi (1.11.3-x86-mingw32)
    given_core (3.8.0)
      sorcerer (>= 0.3.7)
    i18n (1.8.5)
      concurrent-ruby (~> 1.0)
    map (6.6.0)
    mini_portile2 (2.4.0)
    mohawk (0.4.2)
      childprocess (~> 0.5)
      page_navigation (>= 0.7)
      require_all
      uia (~> 0.5)
    nokogiri (1.10.10-x86-mingw32)
      mini_portile2 (~> 2.4.0)
    page_navigation (0.10)
      data_magic (>= 0.22)
    rake (12.3.3)
    require_all (3.0.0)
    rspec (3.9.0)
      rspec-core (~> 3.9.0)
      rspec-expectations (~> 3.9.0)
      rspec-mocks (~> 3.9.0)
    rspec-core (3.9.2)
      rspec-support (~> 3.9.3)
    rspec-expectations (3.9.2)
      diff-lcs (>= 1.2.0, < 2.0)
      rspec-support (~> 3.9.0)
    rspec-given (3.8.0)
      given_core (= 3.8.0)
      rspec (>= 2.14.0)
    rspec-mocks (3.9.1)
      diff-lcs (>= 1.2.0, < 2.0)
      rspec-support (~> 3.9.0)
    rspec-support (3.9.3)
    semver2 (3.4.2)
    sorcerer (2.0.1)
    uia (0.7)
      ffi (~> 1.11.2)
      require_all (~> 3.0)
    yml_reader (0.7)

PLATFORMS
  x86-mingw32

DEPENDENCIES
  albacore!
  childprocess
  mohawk (= 0.4.2)
  rake
  rspec-given

BUNDLED WITH
   2.1.4
