GEM
  remote: http://rubygems.org/
  specs:
    albacore (2.6.6)
      map (~> 6.5)
      nokogiri (~> 1.5)
      rake (~> 10)
      semver2 (~> 3.4)
    childprocess (0.3.9)
      ffi (~> 1.0, >= 1.0.11)
    data_magic (0.18)
      faker (>= 1.1.2)
      yml_reader (>= 0.2)
    diff-lcs (1.2.4)
    faker (1.3.0)
      i18n (~> 0.5)
    ffi (1.9.0-x86-mingw32)
    given_core (3.5.4)
      sorcerer (>= 0.3.7)
    i18n (0.6.9)
    map (6.6.0)
    mini_portile2 (2.1.0)
    mohawk (0.2)
      childprocess (~> 0.3.9)
      page_navigation (>= 0.7)
      require_all
      uia (>= 0.3.1)
    nokogiri (1.7.1-x86-mingw32)
      mini_portile2 (~> 2.1.0)
    page_navigation (0.9)
      data_magic (>= 0.14)
    rake (10.5.0)
    require_all (1.3.2)
    rspec (2.14.1)
      rspec-core (~> 2.14.0)
      rspec-expectations (~> 2.14.0)
      rspec-mocks (~> 2.14.0)
    rspec-core (2.14.8)
    rspec-expectations (2.14.5)
      diff-lcs (>= 1.1.3, < 2.0)
    rspec-given (3.5.4)
      given_core (= 3.5.4)
      rspec (>= 2.12)
    rspec-mocks (2.14.6)
    semver2 (3.4.2)
    sorcerer (1.0.2)
    uia (0.3.1)
      ffi (= 1.9.0)
      require_all
    yml_reader (0.2)

PLATFORMS
  x86-mingw32

DEPENDENCIES
  albacore
  childprocess
  mohawk (~> 0.2)
  rake
  rspec-given

BUNDLED WITH
   1.14.6
